GEM
  remote: https://rubygems.org/
  specs:
    actionmailer (3.2.22.1)
      actionpack (= 3.2.22.1)
      mail (~> 2.5.4)
    actionpack (3.2.22.1)
      activemodel (= 3.2.22.1)
      activesupport (= 3.2.22.1)
      builder (~> 3.0.0)
      erubis (~> 2.7.0)
      journey (~> 1.0.4)
      rack (~> 1.4.5)
      rack-cache (~> 1.2)
      rack-test (~> 0.6.1)
      sprockets (~> 2.2.1)
    activemodel (3.2.22.1)
      activesupport (= 3.2.22.1)
      builder (~> 3.0.0)
    activerecord (3.2.22.1)
      activemodel (= 3.2.22.1)
      activesupport (= 3.2.22.1)
      arel (~> 3.0.2)
      tzinfo (~> 0.3.29)
    activeresource (3.2.22.1)
      activemodel (= 3.2.22.1)
      activesupport (= 3.2.22.1)
    activesupport (3.2.22.1)
      i18n (~> 0.6, >= 0.6.4)
      multi_json (~> 1.0)
    arel (3.0.3)
    builder (3.0.4)
    byebug (9.0.5)
    coffee-rails (3.2.2)
      coffee-script (>= 2.2.0)
      railties (~> 3.2.0)
    coffee-script (2.4.1)
      coffee-script-source
      execjs
    coffee-script-source (1.10.0)
    dotenv (1.0.2)
    dotenv-rails (1.0.2)
      dotenv (= 1.0.2)
    erubis (2.7.0)
    execjs (2.7.0)
    faraday (0.9.2)
      multipart-post (>= 1.2, < 3)
    faraday_middleware (0.9.2)
      faraday (>= 0.7.4, < 0.10)
    hashie (3.4.6)
    hike (1.2.3)
    httparty (0.14.0)
      multi_xml (>= 0.5.2)
    i18n (0.7.0)
    instagram (1.1.6)
      faraday (>= 0.7, < 0.10)
      faraday_middleware (>= 0.8, < 0.10)
      hashie (>= 0.4.0)
      multi_json (~> 1.0, >= 1.0.3)
    journey (1.0.4)
    jquery-rails (3.1.4)
      railties (>= 3.0, < 5.0)
      thor (>= 0.14, < 2.0)
    json (1.8.3)
    mail (2.5.4)
      mime-types (~> 1.16)
      treetop (~> 1.4.8)
    mime-types (1.25.1)
    multi_json (1.12.1)
    multi_xml (0.5.5)
    multipart-post (2.0.0)
    pg (0.18.4)
    polyglot (0.3.5)
    rack (1.4.7)
    rack-cache (1.6.1)
      rack (>= 0.4)
    rack-ssl (1.3.4)
      rack
    rack-test (0.6.3)
      rack (>= 1.0)
    rails (3.2.22.1)
      actionmailer (= 3.2.22.1)
      actionpack (= 3.2.22.1)
      activerecord (= 3.2.22.1)
      activeresource (= 3.2.22.1)
      activesupport (= 3.2.22.1)
      bundler (~> 1.0)
      railties (= 3.2.22.1)
    rails_12factor (0.0.3)
      rails_serve_static_assets
      rails_stdout_logging
    rails_serve_static_assets (0.0.5)
    rails_stdout_logging (0.0.5)
    railties (3.2.22.1)
      actionpack (= 3.2.22.1)
      activesupport (= 3.2.22.1)
      rack-ssl (~> 1.3.2)
      rake (>= 0.8.7)
      rdoc (~> 3.4)
      thor (>= 0.14.6, < 2.0)
    rake (11.2.2)
    rdoc (3.12.2)
      json (~> 1.4)
    sass (3.4.22)
    sass-rails (3.2.6)
      railties (~> 3.2.0)
      sass (>= 3.1.10)
      tilt (~> 1.3)
    sprockets (2.2.3)
      hike (~> 1.2)
      multi_json (~> 1.0)
      rack (~> 1.0)
      tilt (~> 1.1, != 1.3.0)
    thor (0.19.1)
    tilt (1.4.1)
    treetop (1.4.15)
      polyglot
      polyglot (>= 0.3.1)
    tzinfo (0.3.51)
    uglifier (3.0.2)
      execjs (>= 0.3.0, < 3)

PLATFORMS
  ruby

DEPENDENCIES
  byebug
  coffee-rails (~> 3.2.1)
  dotenv-rails
  httparty
  instagram
  jquery-rails
  pg
  rails (= 3.2.22.1)
  rails_12factor
  sass-rails (~> 3.2.3)
  uglifier (>= 1.0.3)

BUNDLED WITH
   1.12.5
